GEM
  remote: http://rubygems.org/
  specs:
    addressable (2.2.6)
    async_sinatra (0.5.0)
      rack (>= 1.2.1)
      sinatra (>= 1.0)
    caldecott (0.0.3)
      addressable (= 2.2.6)
      async_sinatra (= 0.5.0)
      em-http-request (= 0.3.0)
      em-websocket (= 0.3.1)
      json (= 1.6.1)
      uuidtools (= 2.1.2)
    daemons (1.1.4)
    em-http-request (0.3.0)
      addressable (>= 2.0.0)
      escape_utils
      eventmachine (>= 0.12.9)
    em-websocket (0.3.1)
      addressable (>= 2.1.1)
      eventmachine (>= 0.12.9)
    escape_utils (0.2.4)
    eventmachine (0.12.10)
    json (1.6.1)
    mustermann (1.1.1)
      ruby2_keywords (~> 0.0.1)
    rack (2.1.4)
    rack-protection (2.0.8.1)
      rack
    ruby2_keywords (0.0.2)
    sinatra (2.0.8.1)
      mustermann (~> 1.0)
      rack (~> 2.0)
      rack-protection (= 2.0.8.1)
      tilt (~> 2.0)
    thin (1.2.11)
      daemons (>= 1.0.9)
      eventmachine (>= 0.12.6)
      rack (>= 1.0.0)
    tilt (2.0.10)
    uuidtools (2.1.2)

PLATFORMS
  ruby

DEPENDENCIES
  async_sinatra
  bundler
  caldecott (= 0.0.3)
  em-websocket
  json
  rack (~> 2.1.4)
  thin
  uuidtools
